GEM
  remote: https://rubygems.org/
  specs:
    awesome_print (1.6.1)
    coderay (1.1.0)
    diff-lcs (1.2.5)
    dotenv (1.0.2)
    faraday (0.9.1)
      multipart-post (>= 1.2, < 3)
    faraday_middleware (0.9.1)
      faraday (>= 0.7.4, < 0.10)
    faraday_middleware-parse_oj (0.3.0)
      faraday (~> 0.9.0)
      faraday_middleware (~> 0.9.1)
      oj (~> 2.0)
    http_router (0.11.1)
      rack (>= 1.0.0)
      url_mount (~> 0.2.1)
    lotus-controller (0.4.3)
      lotus-utils (~> 0.4, >= 0.4.2)
      lotus-validations (~> 0.3)
      rack (~> 1.5)
    lotus-helpers (0.1.0)
      lotus-utils (~> 0.4)
    lotus-router (0.4.0)
      http_router (~> 0.11)
      lotus-utils (~> 0.4, >= 0.4.1)
    lotus-utils (0.4.3)
    lotus-validations (0.3.2)
      lotus-utils (~> 0.4)
    lotus-view (0.4.1)
      lotus-utils (~> 0.4)
      tilt (~> 2.0, >= 2.0.1)
    lotusrb (0.3.2)
      dotenv (~> 1.0)
      lotus-controller (~> 0.4)
      lotus-helpers (~> 0.1)
      lotus-router (~> 0.4)
      lotus-utils (~> 0.4)
      lotus-view (~> 0.4)
      shotgun (~> 0.9)
      thor (~> 0.19)
    method_source (0.8.2)
    multipart-post (2.0.0)
    oj (2.11.5)
    pry (0.10.1)
      coderay (~> 1.1.0)
      method_source (~> 0.8.1)
      slop (~> 3.4)
    rack (1.6.1)
    rake (10.4.2)
    rspec (3.2.0)
      rspec-core (~> 3.2.0)
      rspec-expectations (~> 3.2.0)
      rspec-mocks (~> 3.2.0)
    rspec-core (3.2.3)
      rspec-support (~> 3.2.0)
    rspec-expectations (3.2.1)
      diff-lcs (>= 1.2.0, < 2.0)
      rspec-support (~> 3.2.0)
    rspec-mocks (3.2.1)
      diff-lcs (>= 1.2.0, < 2.0)
      rspec-support (~> 3.2.0)
    rspec-support (3.2.2)
    shotgun (0.9.1)
      rack (>= 1.0)
    slop (3.6.0)
    thor (0.19.1)
    tilt (2.0.1)
    url_mount (0.2.1)
      rack

PLATFORMS
  ruby

DEPENDENCIES
  awesome_print
  bundler
  faraday
  faraday_middleware
  faraday_middleware-parse_oj
  lotusrb (= 0.3.2)
  pry
  rake
  rspec
